PATH
  remote: .
  specs:
    rails_hero (0.1.4)
      thor (~> 1.2.0)
      tty-prompt (~> 0.23.0)

GEM
  remote: https://rubygems.org/
  specs:
    pastel (0.8.0)
      tty-color (~> 0.5)
    thor (1.2.2)
    tty-color (0.6.0)
    tty-cursor (0.7.1)
    tty-prompt (0.23.1)
      pastel (~> 0.8)
      tty-reader (~> 0.8)
    tty-reader (0.9.0)
      tty-cursor (~> 0.7)
      tty-screen (~> 0.8)
      wisper (~> 2.0)
    tty-screen (0.8.2)
    wisper (2.0.1)

PLATFORMS
  ruby
  x86_64-darwin-19

DEPENDENCIES
  rails_hero!

BUNDLED WITH
   2.5.6
