PATH
  remote: .
  specs:
    rails_hero (0.1.4)
      thor (~> 1.2.0)

GEM
  remote: https://rubygems.org/
  specs:
    thor (1.2.2)

PLATFORMS
  ruby
  x86_64-darwin-19

DEPENDENCIES
  rails_hero!

BUNDLED WITH
   2.5.6
